GEM
  remote: https://rubygems.org/
  specs:
    rake (13.0.6)

PLATFORMS
  x64-mingw-ucrt

DEPENDENCIES
  rake

BUNDLED WITH
   2.3.7
